{
  "aor": 0.0004664814814814815,
  "aqi": 0.011143023935185185,
  "bids_meta": {
    "AcquisitionMatrixPE": 188,
    "AcquisitionNumber": 1,
    "AcquisitionTime": "17:37:15.692500",
    "BandwidthPerPixelPhaseEncode": 19.46,
    "BaseResolution": 188,
    "ConversionSoftware": "dcm2niix",
    "ConversionSoftwareVersion": "v1.0.20180606 GCC4.8.5",
    "DelayTime": 1.2,
    "DerivedVendorReportedEchoSpacing": 0.000820013,
    "DeviceSerialNumber": "18930",
    "DwellTime": 1.9e-06,
    "EchoTime": 0.02,
    "EffectiveEchoSpacing": 0.000273338,
    "FlipAngle": 80,
    "ImageComments": "Unaliased_MB2_PE2",
    "ImageOrientationPatientDICOM": [
      0.999156,
      0.040874,
      -0.00418031,
      -0.00977667,
      0.137694,
      -0.990427
    ],
    "ImageType": [
      "ORIGINAL",
      "PRIMARY",
      "M",
      "MB",
      "ND",
      "MOSAIC"
    ],
    "InPlanePhaseEncodingDirectionDICOM": "COL",
    "InstitutionAddress": "Oxfordlaan_55_Maastricht_Limburg_NL_6229_EV",
    "InstitutionName": "Scannexus",
    "InstitutionalDepartmentName": "MRI_7T",
    "MRAcquisitionType": "2D",
    "MagneticFieldStrength": 6.98,
    "Manufacturer": "Siemens",
    "ManufacturersModelName": "Investigational_Device_7T",
    "Modality": "MR",
    "MultibandAccelerationFactor": 2,
    "ParallelReductionFactorInPlane": 3,
    "PartialFourier": 0.75,
    "PatientPosition": "HFS",
    "PercentPhaseFOV": 100,
    "PhaseEncodingDirection": "j",
    "PhaseEncodingSteps": 141,
    "PhaseResolution": 1,
    "PixelBandwidth": 1400,
    "ProcedureStepDescription": "FeDem_Faruk",
    "ProtocolName": "cmrr_mbep2d_bold_AP_run3",
    "PulseSequenceDetails": "%CustomerSeq%_cmrr_mbep2d_bold",
    "ReceiveCoilName": "32Ch_Head_7T",
    "ReconMatrixPE": 188,
    "RepetitionTime": 2.6,
    "SAR": 0.0852024,
    "ScanOptions": "PFP_FS",
    "ScanningSequence": "EP",
    "SequenceName": "epfid2d1_188",
    "SequenceVariant": "SK_SS",
    "SeriesDescription": "cmrr_mbep2d_bold_AP_run3",
    "SeriesNumber": 12,
    "ShimSetting": [
      97,
      -96,
      405,
      501,
      -175,
      -4,
      175,
      198
    ],
    "SliceThickness": 1.1,
    "SliceTiming": [
      0,
      0.735,
      0.0625,
      0.795,
      0.1225,
      0.8575,
      0.185,
      0.9175,
      0.245,
      0.9775,
      0.3075,
      1.04,
      0.3675,
      1.1,
      0.4275,
      1.1625,
      0.49,
      1.2225,
      0.55,
      1.285,
      0.6125,
      1.345,
      0.6725,
      0,
      0.735,
      0.0625,
      0.795,
      0.1225,
      0.8575,
      0.185,
      0.9175,
      0.245,
      0.9775,
      0.3075,
      1.04,
      0.3675,
      1.1,
      0.4275,
      1.1625,
      0.49,
      1.2225,
      0.55,
      1.285,
      0.6125,
      1.345,
      0.6725
    ],
    "SoftwareVersions": "syngo_MR_B17",
    "SpacingBetweenSlices": 1.1,
    "StationName": "MRC18930",
    "TaskName": "auditory",
    "TotalReadoutTime": 0.0511141,
    "TxRefAmp": 255,
    "dataset": "ds001942",
    "dcmmeta_affine": [
      [
        -1.09481942653656,
        -0.010712730698287487,
        0.043897829949855804,
        100.35326385498047
      ],
      [
        -0.04478750005364418,
        0.15087786316871643,
        -1.0885941982269287,
        33.094688415527344
      ],
      [
        -0.004580550827085972,
        1.0852546691894531,
        0.15177546441555023,
        -118.87760162353516
      ],
      [
        0.0,
        0.0,
        0.0,
        1.0
      ]
    ],
    "dcmmeta_reorient_transform": [
      [
        0.0,
        -1.0,
        0.0,
        187.0
      ],
      [
        1.0,
        0.0,
        0.0,
        0.0
      ],
      [
        0.0,
        0.0,
        1.0,
        0.0
      ],
      [
        0.0,
        0.0,
        0.0,
        1.0
      ]
    ],
    "dcmmeta_shape": [
      188,
      188,
      46,
      216
    ],
    "dcmmeta_slice_dim": 2,
    "dcmmeta_version": 0.6,
    "global": {
      "const": {
        "AcquisitionMatrix": [
          188,
          0,
          0,
          188
        ],
        "AngioFlag": "N",
        "BitsAllocated": 16,
        "BitsStored": 12,
        "Columns": 1316,
        "EchoNumbers": 1,
        "EchoTime": 20.0,
        "EchoTrainLength": 1,
        "FlipAngle": 80.0,
        "HighBit": 11,
        "ImageOrientationPatient": [
          0.99915556295306,
          0.04087402650456,
          -0.0041803082734,
          -0.0097766664984,
          0.13769435124752,
          -0.9904265154098
        ],
        "ImagePositionPatient": [
          -709.7861654161,
          -171.66411156359,
          698.73205770084
        ],
        "ImageType": [
          "ORIGINAL",
          "PRIMARY",
          "M",
          "MB",
          "ND",
          "MOSAIC"
        ],
        "ImagedNucleus": "1H",
        "ImagingFrequency": 297.205455,
        "InPlanePhaseEncodingDirection": "COL",
        "LargestImagePixelValue": 4095,
        "MRAcquisitionType": "2D",
        "MagneticFieldStrength": 6.98,
        "Manufacturer": "SIEMENS",
        "ManufacturerModelName": "Investigational_Device_7T",
        "Modality": "MR",
        "NumberOfAverages": 1.0,
        "NumberOfPhaseEncodingSteps": 141,
        "PercentPhaseFieldOfView": 100.0,
        "PercentSampling": 100.0,
        "PerformedProcedureStepStartTime": "164208.109000",
        "PhotometricInterpretation": "MONOCHROME2",
        "PixelBandwidth": 1400.0,
        "PixelRepresentation": 0,
        "PixelSpacing": [
          1.0957447290421,
          1.0957447290421
        ],
        "ProtocolName": "cmrr_mbep2d_bold_AP_run3",
        "RepetitionTime": 2600.0,
        "Rows": 1316,
        "SAR": 0.08520238134029,
        "SamplesPerPixel": 1,
        "ScanOptions": [
          "PFP",
          "FS"
        ],
        "ScanningSequence": "EP",
        "SequenceName": "epfid2d1_188",
        "SequenceVariant": [
          "SK",
          "SS"
        ],
        "SeriesDescription": "cmrr_mbep2d_bold_AP_run3",
        "SeriesNumber": 12,
        "SeriesTime": "173814.453000",
        "SliceLocation": -45.149179515982,
        "SliceThickness": 1.1000000238419,
        "SmallestImagePixelValue": 0,
        "SoftwareVersions": "syngo MR B17",
        "SpacingBetweenSlices": 1.1000000764209,
        "SpecificCharacterSet": "ISO_IR 100",
        "StudyID": "1",
        "StudyTime": "164208.062000",
        "TransmitCoilName": "32Ch_Head_7T",
        "VariableFlipAngleFlag": "N",
        "WindowCenterWidthExplanation": "Algo1",
        "dBdt": 0.0
      },
