{
  "aor": 0.0017368456375838925,
  "aqi": 0.017963908053691274,
  "bids_meta": {
    "AcquisitionMatrixPE": 188,
    "AcquisitionNumber": 1,
    "AcquisitionTime": "13:55:46.155000",
    "BandwidthPerPixelPhaseEncode": 19.46,
    "BaseResolution": 188,
    "CogAtlasID": "TODO",
    "ConversionSoftware": "dcm2niix",
    "ConversionSoftwareVersion": "v1.0.20180606 GCC4.8.5",
    "DelayTime": 1.2,
    "DerivedVendorReportedEchoSpacing": 0.000820013,
    "DeviceSerialNumber": "18930",
    "DwellTime": 1.9e-06,
    "EchoTime": 0.02,
    "EffectiveEchoSpacing": 0.000273338,
    "FlipAngle": 80,
    "ImageComments": "Unaliased_MB2_PE2",
    "ImageOrientationPatientDICOM": [
      0.999367,
      0.0250678,
      0.0252539,
      0.0224824,
      0.105276,
      -0.994189
    ],
    "ImageType": [
      "ORIGINAL",
      "PRIMARY",
      "M",
      "MB",
      "ND",
      "MOSAIC"
    ],
    "InPlanePhaseEncodingDirectionDICOM": "COL",
    "InstitutionAddress": "Oxfordlaan_55_Maastricht_22AAA2_Limburg_NL_6229_EV",
    "InstitutionName": "Scannexus",
    "InstitutionalDepartmentName": "MRI_7T",
    "MRAcquisitionType": "2D",
    "MagneticFieldStrength": 6.98,
    "Manufacturer": "Siemens",
    "ManufacturersModelName": "Investigational_Device_7T",
    "Modality": "MR",
    "MultibandAccelerationFactor": 2,
    "ParallelReductionFactorInPlane": 3,
    "PartialFourier": 0.75,
    "PatientPosition": "HFS",
    "PercentPhaseFOV": 100,
    "PhaseEncodingDirection": "j",
    "PhaseEncodingSteps": 141,
    "PhaseResolution": 1,
    "PixelBandwidth": 1400,
    "ProcedureStepDescription": "FeDem_Faruk",
    "ProtocolName": "cmrr_mbep2d_bold_AP_run12",
    "PulseSequenceDetails": "%CustomerSeq%_cmrr_mbep2d_bold",
    "ReceiveCoilName": "32Ch_Head_7T",
    "ReconMatrixPE": 188,
    "RepetitionTime": 2.6,
    "SAR": 0.0887315,
    "ScanOptions": "PFP_FS",
    "ScanningSequence": "EP",
    "SequenceName": "epfid2d1_188",
    "SequenceVariant": "SK_SS",
    "SeriesDescription": "cmrr_mbep2d_bold_AP_run12",
    "SeriesNumber": 25,
    "ShimSetting": [
      150,
      -120,
      519,
      382,
      159,
      49,
      -160,
      140
    ],
    "SliceThickness": 1.1,
    "SliceTiming": [
      0,
      0.7325,
      0.06,
      0.795,
      0.1225,
      0.855,
      0.1825,
      0.9175,
      0.245,
      0.9775,
      0.305,
      1.0375,
      0.3675,
      1.1,
      0.4275,
      1.16,
      0.4875,
      1.2225,
      0.55,
      1.2825,
      0.61,
      1.345,
      0.6725,
      0,
      0.7325,
      0.06,
      0.795,
      0.1225,
      0.855,
      0.1825,
      0.9175,
      0.245,
      0.9775,
      0.305,
      1.0375,
      0.3675,
      1.1,
      0.4275,
      1.16,
      0.4875,
      1.2225,
      0.55,
      1.2825,
      0.61,
      1.345,
      0.6725
    ],
    "SoftwareVersions": "syngo_MR_B17",
    "SpacingBetweenSlices": 1.1,
    "StationName": "MRC18930",
    "TaskName": "auditory",
    "TotalReadoutTime": 0.0511141,
    "TxRefAmp": 240,
    "dataset": "ds001942",
    "dcmmeta_affine": [
      [
        -1.0950508117675781,
        0.02463494800031185,
        0.03033878467977047,
        101.2935791015625
      ],
      [
        -0.027467874810099602,
        0.11535520106554031,
        -1.0935395956039429,
        35.535362243652344
      ],
      [
        0.027671849355101585,
        1.0893772840499878,
        0.1151098757982254,
        -123.33378601074219
      ],
      [
        0.0,
        0.0,
        0.0,
        1.0
      ]
    ],
    "dcmmeta_reorient_transform": [
      [
        0.0,
        -1.0,
        0.0,
        187.0
      ],
      [
        1.0,
        0.0,
        0.0,
        0.0
      ],
      [
        0.0,
        0.0,
        1.0,
        0.0
      ],
      [
        0.0,
        0.0,
        0.0,
        1.0
      ]
    ],
    "dcmmeta_shape": [
      188,
      188,
      46,
      150
    ],
    "dcmmeta_slice_dim": 2,
    "dcmmeta_version": 0.6,
    "global": {
      "const": {
        "AcquisitionMatrix": [
          188,
          0,
          0,
          188
        ],
        "AngioFlag": "N",
        "BitsAllocated": 16,
        "BitsStored": 12,
        "Columns": 1316,
        "EchoNumbers": 1,
        "EchoTime": 20.0,
        "EchoTrainLength": 1,
        "FlipAngle": 80.0,
        "HighBit": 11,
        "ImageOrientationPatient": [
          0.9993667227694,
          0.02506776778243,
          0.02525391929116,
          0.02248237943943,
          0.10527561308265,
          -0.9941889095664
        ],
        "ImagePositionPatient": [
          -737.40308492712,
          -137.65899729473,
          679.18161313505
        ],
        "ImageType": [
          "ORIGINAL",
          "PRIMARY",
          "M",
          "MB",
          "ND",
          "MOSAIC"
        ],
        "ImagedNucleus": "1H",
        "ImagingFrequency": 297.20566,
        "InPlanePhaseEncodingDirection": "COL",
        "LargestImagePixelValue": 4095,
        "MRAcquisitionType": "2D",
        "MagneticFieldStrength": 6.98,
        "Manufacturer": "SIEMENS",
        "ManufacturerModelName": "Investigational_Device_7T",
        "Modality": "MR",
        "NumberOfAverages": 1.0,
        "NumberOfPhaseEncodingSteps": 141,
        "PercentPhaseFieldOfView": 100.0,
        "PercentSampling": 100.0,
        "PerformedProcedureStepStartTime": "115818.375000",
        "PhotometricInterpretation": "MONOCHROME2",
        "PixelBandwidth": 1400.0,
        "PixelRepresentation": 0,
        "PixelSpacing": [
          1.0957447290421,
          1.0957447290421
        ],
        "ProtocolName": "cmrr_mbep2d_bold_AP_run12",
        "RepetitionTime": 2600.0,
        "Rows": 1316,
        "SAR": 0.08873151684791,
        "SamplesPerPixel": 1,
        "ScanOptions": [
          "PFP",
          "FS"
        ],
        "ScanningSequence": "EP",
        "SequenceName": "epfid2d1_188",
        "SequenceVariant": [
          "SK",
          "SS"
        ],
        "SeriesDescription": "cmrr_mbep2d_bold_AP_run12",
        "SeriesNumber": 25,
        "SeriesTime": "135555.562000",
        "SliceLocation": -45.439224808025,
        "SliceThickness": 1.1000000238419,
        "SmallestImagePixelValue": 0,
        "SoftwareVersions": "syngo MR B17",
        "SpacingBetweenSlices": 1.0999998200792,
        "SpecificCharacterSet": "ISO_IR 100",
        "StudyID": "1",
        "StudyTime": "115818.265000",
        "TransmitCoilName": "32Ch_Head_7T",
        "VariableFlipAngleFlag": "N",
        "WindowCenterWidthExplanation": "Algo1",
        "dBdt": 0.0
      },
