{
  "aor": 0.0005806,
  "aqi": 0.013190054000000001,
  "bids_meta": {
    "AcquisitionMatrixPE": 188,
    "AcquisitionNumber": 1,
    "AcquisitionTime": "13:19:5.395000",
    "BandwidthPerPixelPhaseEncode": 19.46,
    "BaseResolution": 188,
    "CogAtlasID": "TODO",
    "ConversionSoftware": "dcm2niix",
    "ConversionSoftwareVersion": "v1.0.20180606 GCC4.8.5",
    "DelayTime": 1.2,
    "DerivedVendorReportedEchoSpacing": 0.000820013,
    "DeviceSerialNumber": "18930",
    "DwellTime": 1.9e-06,
    "EchoTime": 0.02,
    "EffectiveEchoSpacing": 0.000273338,
    "FlipAngle": 80,
    "ImageComments": "Unaliased_MB2_PE2",
    "ImageOrientationPatientDICOM": [
      0.998247,
      0.034978,
      -0.0477451,
      -0.0521758,
      0.139228,
      -0.988885
    ],
    "ImageType": [
      "ORIGINAL",
      "PRIMARY",
      "M",
      "MB",
      "ND",
      "MOSAIC"
    ],
    "InPlanePhaseEncodingDirectionDICOM": "COL",
    "InstitutionAddress": "Oxfordlaan_55_Maastricht_753AAF_Limburg_NL_6229_EV",
    "InstitutionName": "Scannexus",
    "InstitutionalDepartmentName": "MRI_7T",
    "MRAcquisitionType": "2D",
    "MagneticFieldStrength": 6.98,
    "Manufacturer": "Siemens",
    "ManufacturersModelName": "Investigational_Device_7T",
    "Modality": "MR",
    "MultibandAccelerationFactor": 2,
    "ParallelReductionFactorInPlane": 3,
    "PartialFourier": 0.75,
    "PatientPosition": "HFS",
    "PercentPhaseFOV": 100,
    "PhaseEncodingDirection": "j",
    "PhaseEncodingSteps": 141,
    "PhaseResolution": 1,
    "PixelBandwidth": 1400,
    "ProcedureStepDescription": "FeDem_Faruk",
    "ProtocolName": "cmrr_mbep2d_bold_AP_run8",
    "PulseSequenceDetails": "%CustomerSeq%_cmrr_mbep2d_bold",
    "ReceiveCoilName": "32Ch_Head_7T",
    "ReconMatrixPE": 188,
    "RepetitionTime": 2.6,
    "SAR": 0.0944351,
    "ScanOptions": "PFP_FS",
    "ScanningSequence": "EP",
    "SequenceName": "epfid2d1_188",
    "SequenceVariant": "SK_SS",
    "SeriesDescription": "cmrr_mbep2d_bold_AP_run8",
    "SeriesNumber": 21,
    "ShimSetting": [
      49,
      -92,
      482,
      429,
      -59,
      -52,
      -137,
      172
    ],
    "SliceThickness": 1.1,
    "SliceTiming": [
      0,
      0.7325,
      0.06,
      0.795,
      0.1225,
      0.855,
      0.1825,
      0.9175,
      0.245,
      0.9775,
      0.305,
      1.0375,
      0.3675,
      1.1,
      0.4275,
      1.16,
      0.4875,
      1.2225,
      0.55,
      1.2825,
      0.61,
      1.345,
      0.6725,
      0,
      0.7325,
      0.06,
      0.795,
      0.1225,
      0.855,
      0.1825,
      0.9175,
      0.245,
      0.9775,
      0.305,
      1.0375,
      0.3675,
      1.1,
      0.4275,
      1.16,
      0.4875,
      1.2225,
      0.55,
      1.2825,
      0.61,
      1.345,
      0.6725
    ],
    "SoftwareVersions": "syngo_MR_B17",
    "SpacingBetweenSlices": 1.1,
    "StationName": "MRC18930",
    "TaskName": "auditory",
    "TotalReadoutTime": 0.0511141,
    "TxRefAmp": 235,
    "dataset": "ds001942",
    "dcmmeta_affine": [
      [
        -1.093823790550232,
        -0.05717133730649948,
        0.03073599748313427,
        103.88965606689453
      ],
      [
        -0.03832700103521347,
        0.1525578647851944,
        -1.0886064767837524,
        34.36977005004883
      ],
      [
        -0.052316438406705856,
        1.0835654735565186,
        0.1548893004655838,
        -112.62718963623047
      ],
      [
        0.0,
        0.0,
        0.0,
        1.0
      ]
    ],
    "dcmmeta_reorient_transform": [
      [
        0.0,
        -1.0,
        0.0,
        187.0
      ],
      [
        1.0,
        0.0,
        0.0,
        0.0
      ],
      [
        0.0,
        0.0,
        1.0,
        0.0
      ],
      [
        0.0,
        0.0,
        0.0,
        1.0
      ]
    ],
    "dcmmeta_shape": [
      188,
      188,
      46,
      150
    ],
    "dcmmeta_slice_dim": 2,
    "dcmmeta_version": 0.6,
    "global": {
      "const": {
        "AcquisitionMatrix": [
          188,
          0,
          0,
          188
        ],
        "AngioFlag": "N",
        "BitsAllocated": 16,
        "BitsStored": 12,
        "Columns": 1316,
        "EchoNumbers": 1,
        "EchoTime": 20.0,
        "EchoTrainLength": 1,
        "FlipAngle": 80.0,
        "HighBit": 11,
        "ImageOrientationPatient": [
          0.99824693467065,
          0.03497803943101,
          -0.0477450958552,
          -0.0521757796666,
          0.13922755963807,
          -0.9888849147668
        ],
        "ImagePositionPatient": [
          -677.8706133972,
          -170.55715654583,
          730.63692076772
        ],
        "ImageType": [
          "ORIGINAL",
          "PRIMARY",
          "M",
          "MB",
          "ND",
          "MOSAIC"
        ],
        "ImagedNucleus": "1H",
        "ImagingFrequency": 297.205591,
        "InPlanePhaseEncodingDirection": "COL",
        "LargestImagePixelValue": 4095,
        "MRAcquisitionType": "2D",
        "MagneticFieldStrength": 6.98,
        "Manufacturer": "SIEMENS",
        "ManufacturerModelName": "Investigational_Device_7T",
        "Modality": "MR",
        "NumberOfAverages": 1.0,
        "NumberOfPhaseEncodingSteps": 141,
        "PercentPhaseFieldOfView": 100.0,
        "PercentSampling": 100.0,
        "PerformedProcedureStepStartTime": "115315.781000",
        "PhotometricInterpretation": "MONOCHROME2",
        "PixelBandwidth": 1400.0,
        "PixelRepresentation": 0,
        "PixelSpacing": [
          1.0957447290421,
          1.0957447290421
        ],
        "ProtocolName": "cmrr_mbep2d_bold_AP_run8",
        "RepetitionTime": 2600.0,
        "Rows": 1316,
        "SAR": 0.09443512897387,
        "SamplesPerPixel": 1,
        "ScanOptions": [
          "PFP",
          "FS"
        ],
        "ScanningSequence": "EP",
        "SequenceName": "epfid2d1_188",
        "SequenceVariant": [
          "SK",
          "SS"
        ],
        "SeriesDescription": "cmrr_mbep2d_bold_AP_run8",
        "SeriesNumber": 21,
        "SeriesTime": "131914.765000",
        "SliceLocation": -46.969783483275,
        "SliceThickness": 1.1000000238419,
        "SmallestImagePixelValue": 0,
        "SoftwareVersions": "syngo MR B17",
        "SpacingBetweenSlices": 1.0999997227305,
        "SpecificCharacterSet": "ISO_IR 100",
        "StudyID": "1",
        "StudyTime": "115315.687000",
        "TransmitCoilName": "32Ch_Head_7T",
        "VariableFlipAngleFlag": "N",
        "WindowCenterWidthExplanation": "Algo1",
        "dBdt": 0.0
      },
