{
  "aor": 0.0013718055555555554,
  "aqi": 0.01527258564814815,
  "bids_meta": {
    "AcquisitionMatrixPE": 188,
    "AcquisitionNumber": 1,
    "AcquisitionTime": "18:36:57.085000",
    "BandwidthPerPixelPhaseEncode": 19.46,
    "BaseResolution": 188,
    "ConversionSoftware": "dcm2niix",
    "ConversionSoftwareVersion": "v1.0.20180606 GCC4.8.5",
    "DelayTime": 1.2,
    "DerivedVendorReportedEchoSpacing": 0.000820013,
    "DeviceSerialNumber": "18930",
    "DwellTime": 1.9e-06,
    "EchoTime": 0.02,
    "EffectiveEchoSpacing": 0.000273338,
    "FlipAngle": 80,
    "ImageComments": "Unaliased_MB2_PE2",
    "ImageOrientationPatientDICOM": [
      0.999406,
      0.0222879,
      -0.0262715,
      -0.030293,
      0.205286,
      -0.978233
    ],
    "ImageType": [
      "ORIGINAL",
      "PRIMARY",
      "M",
      "MB",
      "ND",
      "MOSAIC"
    ],
    "InPlanePhaseEncodingDirectionDICOM": "COL",
    "InstitutionAddress": "Oxfordlaan_55_Maastricht_Limburg_NL_6229_EV",
    "InstitutionName": "Scannexus",
    "InstitutionalDepartmentName": "MRI_7T",
    "MRAcquisitionType": "2D",
    "MagneticFieldStrength": 6.98,
    "Manufacturer": "Siemens",
    "ManufacturersModelName": "Investigational_Device_7T",
    "Modality": "MR",
    "MultibandAccelerationFactor": 2,
    "ParallelReductionFactorInPlane": 3,
    "PartialFourier": 0.75,
    "PatientPosition": "HFS",
    "PercentPhaseFOV": 100,
    "PhaseEncodingDirection": "j",
    "PhaseEncodingSteps": 141,
    "PhaseResolution": 1,
    "PixelBandwidth": 1400,
    "ProcedureStepDescription": "FeDem_fMRI",
    "ProtocolName": "cmrr_mbep2d_bold_AP_run1",
    "PulseSequenceDetails": "%CustomerSeq%_cmrr_mbep2d_bold",
    "ReceiveCoilName": "32Ch_Head_7T",
    "ReconMatrixPE": 188,
    "RepetitionTime": 2.6,
    "SAR": 0.0938207,
    "ScanOptions": "PFP_FS",
    "ScanningSequence": "EP",
    "SequenceName": "epfid2d1_188",
    "SequenceVariant": "SK_SS",
    "SeriesDescription": "cmrr_mbep2d_bold_AP_run1",
    "SeriesNumber": 12,
    "ShimSetting": [
      70,
      -55,
      521,
      631,
      -120,
      380,
      345,
      250
    ],
    "SliceThickness": 1.1,
    "SliceTiming": [
      0,
      0.735,
      0.0625,
      0.795,
      0.1225,
      0.8575,
      0.185,
      0.9175,
      0.245,
      0.98,
      0.3075,
      1.04,
      0.3675,
      1.1,
      0.43,
      1.1625,
      0.49,
      1.2225,
      0.55,
      1.285,
      0.6125,
      1.345,
      0.6725,
      0,
      0.735,
      0.0625,
      0.795,
      0.1225,
      0.8575,
      0.185,
      0.9175,
      0.245,
      0.98,
      0.3075,
      1.04,
      0.3675,
      1.1,
      0.43,
      1.1625,
      0.49,
      1.2225,
      0.55,
      1.285,
      0.6125,
      1.345,
      0.6725
    ],
    "SoftwareVersions": "syngo_MR_B17",
    "SpacingBetweenSlices": 1.1,
    "StationName": "MRC18930",
    "TaskName": "auditory",
    "TotalReadoutTime": 0.0511141,
    "TxRefAmp": 290,
    "dataset": "ds001942",
    "dcmmeta_affine": [
      [
        -1.0950942039489746,
        -0.03319339454174042,
        0.01805056631565094,
        104.30021667480469
      ],
      [
        -0.024421878159046173,
        0.22494132816791534,
        -1.0762922763824463,
        26.037242889404297
      ],
      [
        -0.028786813840270042,
        1.0718936920166016,
        0.22642335295677185,
        -107.83720397949219
      ],
      [
        0.0,
        0.0,
        0.0,
        1.0
      ]
    ],
    "dcmmeta_reorient_transform": [
      [
        0.0,
        -1.0,
        0.0,
        187.0
      ],
      [
        1.0,
        0.0,
        0.0,
        0.0
      ],
      [
        0.0,
        0.0,
        1.0,
        0.0
      ],
      [
        0.0,
        0.0,
        0.0,
        1.0
      ]
    ],
    "dcmmeta_shape": [
      188,
      188,
      46,
      216
    ],
    "dcmmeta_slice_dim": 2,
    "dcmmeta_version": 0.6,
    "global": {
      "const": {
        "AcquisitionMatrix": [
          188,
          0,
          0,
          188
        ],
        "AngioFlag": "N",
        "BitsAllocated": 16,
        "BitsStored": 12,
        "Columns": 1316,
        "EchoNumbers": 1,
        "EchoTime": 20.0,
        "EchoTrainLength": 1,
        "FlipAngle": 80.0,
        "HighBit": 11,
        "ImageOrientationPatient": [
          0.99940635312302,
          0.02228792688867,
          -0.026271460796,
          -0.0302929993003,
          0.20528624649842,
          -0.9782330454406
        ],
        "ImagePositionPatient": [
          -697.00513272541,
          -208.7421152262,
          713.39072804608
        ],
        "ImageType": [
          "ORIGINAL",
          "PRIMARY",
          "M",
          "MB",
          "ND",
          "MOSAIC"
        ],
        "ImagedNucleus": "1H",
        "ImagingFrequency": 297.205539,
        "InPlanePhaseEncodingDirection": "COL",
        "LargestImagePixelValue": 4095,
        "MRAcquisitionType": "2D",
        "MagneticFieldStrength": 6.98,
        "Manufacturer": "SIEMENS",
        "ManufacturerModelName": "Investigational_Device_7T",
        "Modality": "MR",
        "NumberOfAverages": 1.0,
        "NumberOfPhaseEncodingSteps": 141,
        "PercentPhaseFieldOfView": 100.0,
        "PercentSampling": 100.0,
        "PerformedProcedureStepStartTime": "181118.203000",
        "PhotometricInterpretation": "MONOCHROME2",
        "PixelBandwidth": 1400.0,
        "PixelRepresentation": 0,
        "PixelSpacing": [
          1.0957447290421,
          1.0957447290421
        ],
        "ProtocolName": "cmrr_mbep2d_bold_AP_run1",
        "RepetitionTime": 2600.0,
        "Rows": 1316,
        "SAR": 0.09382073847224,
        "SamplesPerPixel": 1,
        "ScanOptions": [
          "PFP",
          "FS"
        ],
        "ScanningSequence": "EP",
        "SequenceName": "epfid2d1_188",
        "SequenceVariant": [
          "SK",
          "SS"
        ],
        "SeriesDescription": "cmrr_mbep2d_bold_AP_run1",
        "SeriesNumber": 12,
        "SeriesTime": "183712.453000",
        "SliceLocation": -45.961727267004,
        "SliceThickness": 1.1000000238419,
        "SmallestImagePixelValue": 0,
        "SoftwareVersions": "syngo MR B17",
        "SpacingBetweenSlices": 1.0999992899411,
        "SpecificCharacterSet": "ISO_IR 100",
        "StudyID": "1",
        "StudyTime": "181118.109000",
        "TransmitCoilName": "32Ch_Head_7T",
        "VariableFlipAngleFlag": "N",
        "WindowCenterWidthExplanation": "Algo1",
        "dBdt": 0.0
      },
