{
  "aor": 0.0006952666666666667,
  "aqi": 0.01735755333333333,
  "bids_meta": {
    "AcquisitionMatrixPE": 188,
    "AcquisitionNumber": 1,
    "AcquisitionTime": "18:51:37.717500",
    "BandwidthPerPixelPhaseEncode": 19.46,
    "BaseResolution": 188,
    "ConversionSoftware": "dcm2niix",
    "ConversionSoftwareVersion": "v1.0.20180606 GCC4.8.5",
    "DelayTime": 1.2,
    "DerivedVendorReportedEchoSpacing": 0.000820013,
    "DeviceSerialNumber": "18930",
    "DwellTime": 1.9e-06,
    "EchoTime": 0.02,
    "EffectiveEchoSpacing": 0.000273338,
    "FlipAngle": 80,
    "ImageComments": "Unaliased_MB2_PE2",
    "ImageOrientationPatientDICOM": [
      0.999248,
      0.020497,
      -0.0329253,
      -0.0374194,
      0.286299,
      -0.957409
    ],
    "ImageType": [
      "ORIGINAL",
      "PRIMARY",
      "M",
      "MB",
      "ND",
      "MOSAIC"
    ],
    "InPlanePhaseEncodingDirectionDICOM": "COL",
    "InstitutionAddress": "Oxfordlaan_55_Maastricht_753AAF_Limburg_NL_6229_EV",
    "InstitutionName": "Scannexus",
    "InstitutionalDepartmentName": "MRI_7T",
    "MRAcquisitionType": "2D",
    "MagneticFieldStrength": 6.98,
    "Manufacturer": "Siemens",
    "ManufacturersModelName": "Investigational_Device_7T",
    "Modality": "MR",
    "MultibandAccelerationFactor": 2,
    "ParallelReductionFactorInPlane": 3,
    "PartialFourier": 0.75,
    "PatientPosition": "HFS",
    "PercentPhaseFOV": 100,
    "PhaseEncodingDirection": "j",
    "PhaseEncodingSteps": 141,
    "PhaseResolution": 1,
    "PixelBandwidth": 1400,
    "ProcedureStepDescription": "FeDem_Faruk",
    "ProtocolName": "cmrr_mbep2d_bold_AP_run3",
    "PulseSequenceDetails": "%CustomerSeq%_cmrr_mbep2d_bold",
    "ReceiveCoilName": "32Ch_Head_7T",
    "ReconMatrixPE": 188,
    "RepetitionTime": 2.6,
    "SAR": 0.0592919,
    "ScanOptions": "PFP_FS",
    "ScanningSequence": "EP",
    "SequenceName": "epfid2d1_188",
    "SequenceVariant": "SK_SS",
    "SeriesDescription": "cmrr_mbep2d_bold_AP_run3",
    "SeriesNumber": 14,
    "ShimSetting": [
      117,
      -256,
      552,
      270,
      8,
      -144,
      276,
      73
    ],
    "SliceThickness": 1.1,
    "SliceTiming": [
      0,
      0.7325,
      0.06,
      0.7925,
      0.12,
      0.855,
      0.1825,
      0.915,
      0.2425,
      0.9775,
      0.305,
      1.0375,
      0.365,
      1.1,
      0.4275,
      1.16,
      0.4875,
      1.22,
      0.55,
      1.2825,
      0.61,
      1.3425,
      0.67,
      0,
      0.7325,
      0.06,
      0.7925,
      0.12,
      0.855,
      0.1825,
      0.915,
      0.2425,
      0.9775,
      0.305,
      1.0375,
      0.365,
      1.1,
      0.4275,
      1.16,
      0.4875,
      1.22,
      0.55,
      1.2825,
      0.61,
      1.3425,
      0.67
    ],
    "SoftwareVersions": "syngo_MR_B17",
    "SpacingBetweenSlices": 1.1,
    "StationName": "MRC18930",
    "TaskName": "auditory",
    "TotalReadoutTime": 0.0511141,
    "TxRefAmp": 210,
    "dataset": "ds001942",
    "dcmmeta_affine": [
      [
        -1.09492027759552,
        -0.04100212827324867,
        0.011217254213988781,
        102.66847229003906
      ],
      [
        -0.02245943620800972,
        0.31371042132377625,
        -1.0537132024765015,
        22.232385635375977
      ],
      [
        -0.03607774153351784,
        1.0490763187408447,
        0.31553545594215393,
        -109.380859375
      ],
      [
        0.0,
        0.0,
        0.0,
        1.0
      ]
    ],
    "dcmmeta_reorient_transform": [
      [
        0.0,
        -1.0,
        0.0,
        187.0
      ],
      [
        1.0,
        0.0,
        0.0,
        0.0
      ],
      [
        0.0,
        0.0,
        1.0,
        0.0
      ],
      [
        0.0,
        0.0,
        0.0,
        1.0
      ]
    ],
    "dcmmeta_shape": [
      188,
      188,
      46,
      150
    ],
    "dcmmeta_slice_dim": 2,
    "dcmmeta_version": 0.6,
    "global": {
      "const": {
        "AcquisitionMatrix": [
          188,
          0,
          0,
          188
        ],
        "AngioFlag": "N",
        "BitsAllocated": 16,
        "BitsStored": 12,
        "Columns": 1316,
        "EchoNumbers": 1,
        "EchoTime": 20.0,
        "EchoTrainLength": 1,
        "FlipAngle": 80.0,
        "HighBit": 11,
        "ImageOrientationPatient": [
          0.99924761605585,
          0.02049696029164,
          -0.0329253158756,
          -0.0374194164785,
          0.28629882111884,
          -0.9574094068351
        ],
        "ImagePositionPatient": [
          -689.41092549423,
          -270.49603658848,
          698.82329381524
        ],
        "ImageType": [
          "ORIGINAL",
          "PRIMARY",
          "M",
          "MB",
          "ND",
          "MOSAIC"
        ],
        "ImagedNucleus": "1H",
        "ImagingFrequency": 297.2055,
        "InPlanePhaseEncodingDirection": "COL",
        "LargestImagePixelValue": 4095,
        "MRAcquisitionType": "2D",
        "MagneticFieldStrength": 6.98,
        "Manufacturer": "SIEMENS",
        "ManufacturerModelName": "Investigational_Device_7T",
        "Modality": "MR",
        "NumberOfAverages": 1.0,
        "NumberOfPhaseEncodingSteps": 141,
        "PercentPhaseFieldOfView": 100.0,
        "PercentSampling": 100.0,
        "PerformedProcedureStepStartTime": "181136.593000",
        "PhotometricInterpretation": "MONOCHROME2",
        "PixelBandwidth": 1400.0,
        "PixelRepresentation": 0,
        "PixelSpacing": [
          1.0957447290421,
          1.0957447290421
        ],
        "ProtocolName": "cmrr_mbep2d_bold_AP_run3",
        "RepetitionTime": 2600.0,
        "Rows": 1316,
        "SAR": 0.05929185842112,
        "SamplesPerPixel": 1,
        "ScanOptions": [
          "PFP",
          "FS"
        ],
        "ScanningSequence": "EP",
        "SequenceName": "epfid2d1_188",
        "SequenceVariant": [
          "SK",
          "SS"
        ],
        "SeriesDescription": "cmrr_mbep2d_bold_AP_run3",
        "SeriesNumber": 14,
        "SeriesTime": "185146.640000",
        "SliceLocation": -51.625853746699,
        "SliceThickness": 1.1000000238419,
        "SmallestImagePixelValue": 0,
        "SoftwareVersions": "syngo MR B17",
        "SpacingBetweenSlices": 1.1000000357126,
        "SpecificCharacterSet": "ISO_IR 100",
        "StudyID": "1",
        "StudyTime": "181136.484000",
        "TransmitCoilName": "32Ch_Head_7T",
        "VariableFlipAngleFlag": "N",
        "WindowCenterWidthExplanation": "Algo1",
        "dBdt": 0.0
      },
